GEM
  remote: http://rubygems.org/
  specs:
    coderay (1.1.0)
    dbpedia (0.0.1)
      nokogiri (>= 1.5.5)
    geocoder (1.2.7)
    method_source (0.8.2)
    mini_portile (0.6.2)
    nokogiri (1.6.6.2)
      mini_portile (~> 0.6.0)
    pry (0.10.1)
      coderay (~> 1.1.0)
      method_source (~> 0.8.1)
      slop (~> 3.4)
    slop (3.6.0)
    stemmify (0.0.2)

PLATFORMS
  ruby

DEPENDENCIES
  dbpedia
  geocoder
  pry
  stemmify
